{"InstitutionAddress": "University of lo Andes Cra 1 N\u00ba 18A - 12, Bogot\u00e1 - Colombia, 111711", "InstitutionName": "University of lo Andes", "InstitutionalDepartmentName": "Department of Biomedical Engineering", "PowerLineFrequency": 60, "ManufacturersModelName": "Micromed LTM64, Colombian National Institute for Drug and Food Safety (20090486-2015)", "TaskName": "task-preMusicTherapy", "TaskDescription": "Pre-intervention period, the resting state was measured as a baseline with the patient's eyes closed or fixed at a point", "EEGReference": "FCz", "EEGChannelCount": 8, "ECGChannelCount": 1, "EMGChannelCount": 1, "EOGChannelCount": 0, "MiscChannelCount": 0, "RecordingType": "continuous", "RecordingDuration": 500, "SamplingFrequency": 1024, "SoftwareFilters": "n/a"}