{"InstitutionAddress": "University of lo Andes Cra 1 N\u00ba 18A - 12, Bogot\u00e1 - Colombia, 111711", "InstitutionName": "University of lo Andes", "InstitutionalDepartmentName": "Department of Biomedical Engineering", "PowerLineFrequency": 60, "ManufacturersModelName": "Micromed LTM64, Colombian National Institute for Drug and Food Safety (20090486-2015)", "TaskName": "task-musicTherapy", "TaskDescription": "Music therapy intervention(MTI) consisted of Music - Assisted Relaxation(MAR), a music therapy technique aimed at enhancing relaxation and well - being of patients", "EEGReference": "FCz", "EEGChannelCount": 8, "ECGChannelCount": 0, "EMGChannelCount": 0, "EOGChannelCount": 0, "MiscChannelCount": 0, "RecordingType": "continuous", "RecordingDuration": 1346, "SamplingFrequency": 1024, "SoftwareFilters": "n/a"}